GEM
  remote: http://rubygems.org/
  specs:
    coffee-script (2.2.0)
      coffee-script-source
      execjs
    coffee-script-source (1.3.1)
    daemons (1.1.8)
    eventmachine (0.12.10)
    execjs (1.3.1)
      multi_json (~> 1.0)
    httparty (0.8.3)
      multi_json (~> 1.0)
      multi_xml
    json (1.7.0)
    multi_json (1.3.4)
    multi_xml (0.4.4)
    rack (1.4.1)
    rack-protection (1.2.0)
      rack
    sinatra (1.3.2)
      rack (~> 1.3, >= 1.3.6)
      rack-protection (~> 1.2)
      tilt (~> 1.3, >= 1.3.3)
    slim (1.2.0)
      temple (~> 0.4.0)
      tilt (~> 1.3.3)
    temple (0.4.0)
    thin (1.3.1)
      daemons (>= 1.0.9)
      eventmachine (>= 0.12.6)
      rack (>= 1.0.0)
    tilt (1.3.3)

PLATFORMS
  ruby

DEPENDENCIES
  coffee-script
  httparty
  json
  sinatra
  slim
  thin
